GEM
  remote: https://rubygems.org/
  specs:
    activesupport (3.1.12)
      multi_json (~> 1.0)
    bson (1.8.5)
    bson_ext (1.8.5)
      bson (~> 1.8.5)
    builder (3.2.0)
    curb (0.7.18)
    faraday (0.8.7)
      multipart-post (~> 1.1)
    feedzirra (0.1.3)
      activesupport (~> 3.1.1)
      builder (>= 2.1.2)
      curb (~> 0.7.15)
      i18n (>= 0.5.0)
      loofah (~> 1.2.0)
      nokogiri (>= 1.4.4)
      rake (>= 0.8.7)
      rdoc (~> 3.8)
      sax-machine (~> 0.1.0)
    i18n (0.6.4)
    json (1.7.7)
    loofah (1.2.1)
      nokogiri (>= 1.4.4)
    mongo (1.8.5)
      bson (~> 1.8.5)
    multi_json (1.7.3)
    multipart-post (1.2.0)
    nokogiri (1.5.9)
    rake (10.0.4)
    rdoc (3.12.2)
      json (~> 1.4)
    sax-machine (0.1.0)
      nokogiri (> 0.0.0)
    simple_oauth (0.2.0)
    twitter (4.6.2)
      faraday (~> 0.8, < 0.10)
      multi_json (~> 1.0)
      simple_oauth (~> 0.2)

PLATFORMS
  ruby

DEPENDENCIES
  bson_ext
  feedzirra
  mongo
  twitter
